GEM
  remote: https://rubygems.org/
  specs:
    digest-crc (0.5.1)
    ffi (1.12.2)
    listen (3.2.1)
      rb-fsevent (~> 0.10, >= 0.10.3)
      rb-inotify (~> 0.9, >= 0.9.10)
    rb-fsevent (0.10.3)
    rb-inotify (0.10.1)
      ffi (~> 1.0)
    ruby-kafka (1.0.0)
      digest-crc

PLATFORMS
  ruby

DEPENDENCIES
  listen (~> 3.2)
  ruby-kafka (~> 1.0)

RUBY VERSION
   ruby 2.7.0p0

BUNDLED WITH
   2.1.2
